PATH
  remote: .
  specs:
    parse-model-scaffold (0.0.1)
      httparty

GEM
  remote: https://rubygems.org/
  specs:
    httparty (0.11.0)
      multi_json (~> 1.0)
      multi_xml (>= 0.5.2)
    multi_json (1.7.3)
    multi_xml (0.5.3)

PLATFORMS
  ruby

DEPENDENCIES
  parse-model-scaffold!
